GEM
  remote: http://rubygems.org/
  specs:
    actionmailer (2.3.14)
      actionpack (= 2.3.14)
    actionpack (2.3.14)
      activesupport (= 2.3.14)
      rack (~> 1.1.0)
    activerecord (2.3.14)
      activesupport (= 2.3.14)
    activeresource (2.3.14)
      activesupport (= 2.3.14)
    activesupport (2.3.14)
    builder (3.0.0)
    ci_reporter (1.6.5)
      builder (>= 2.1.2)
    factory_girl (2.1.0)
    fakeweb (1.3.0)
    json (1.5.4)
    kgio (2.6.0)
    net-ldap (0.2.2)
    newrelic_rpm (3.1.1)
    open4 (0.9.6)
    rack (1.1.2)
    rails (2.3.14)
      actionmailer (= 2.3.14)
      actionpack (= 2.3.14)
      activerecord (= 2.3.14)
      activeresource (= 2.3.14)
      activesupport (= 2.3.14)
      rake (>= 0.8.3)
    rake (0.8.7)
    rake-remote_task (2.0.4)
      open4 (~> 0.9.0)
      rake (~> 0.8)
    rspec (1.2.9)
    rspec-rails (1.2.9)
      rack (>= 1.0.0)
      rspec (>= 1.2.9)
    unicorn (3.4.0)
      kgio (~> 2.2)
      rack
    vlad (2.1.0)
      open4 (~> 0.9.0)
      rake (~> 0.8.0)
      rake-remote_task (~> 2.0)
    vlad-git (2.2.0)
      vlad (>= 2.1.0)
    xml-simple (1.1.0)

PLATFORMS
  ruby

DEPENDENCIES
  ci_reporter (~> 1.6.5)
  factory_girl
  fakeweb
  json
  net-ldap
  newrelic_rpm
  rails (= 2.3.14)
  rake (~> 0.8.7)
  rspec (~> 1.2.2)
  rspec-rails (~> 1.2.2)
  unicorn (~> 3.4.0)
  vlad (~> 2.1.0)
  vlad-git (~> 2.2.0)
  xml-simple
